GEM
  remote: http://rubygems.org/
  specs:
    eventmachine (0.12.10)
    state_machine (1.1.2)

PLATFORMS
  ruby

DEPENDENCIES
  eventmachine (~> 0.12.10)
  state_machine (~> 1.1.2)
